GEM
  remote: https://rubygems.org/
  specs:
    jekyll-feed (0.3.1)

PLATFORMS
  ruby

DEPENDENCIES
  jekyll-feed

BUNDLED WITH
   1.10.6
