GEM
  remote: https://rubygems.org/
  specs:
    jekyll-feed (0.3.1)
    kramdown (1.8.0)

PLATFORMS
  ruby

DEPENDENCIES
  jekyll-feed
  kramdown

BUNDLED WITH
   1.10.6
