GEM
  remote: https://rubygems.org/
  specs:
    jekyll-feed (0.3.1)
    kramdown (1.8.0)
    rouge (1.9.1)

PLATFORMS
  ruby

DEPENDENCIES
  jekyll-feed
  kramdown
  rouge

BUNDLED WITH
   1.10.6
